GEM
  remote: https://rubygems.org/
  specs:
    bigdecimal (3.1.7)
    bond (0.5.1)
    concurrent-ruby (1.2.3)
    encrypted_cookie (0.1.0)
      rack (>= 1.1, < 3)
    execjs (2.9.1)
    faraday (2.9.0)
      faraday-net_http (>= 2.0, < 3.2)
    faraday-net_http (3.1.0)
      net-http
    ffi (1.16.3)
    multi_json (1.15.0)
    mustermann (2.0.2)
      ruby2_keywords (~> 0.0.1)
    net-http (0.4.0)
      uri
    nio4r (2.7.1)
    pg (1.5.6)
    puma (5.6.8)
      nio4r (~> 2.0)
    rack (2.2.9)
    rack-protection (2.2.4)
      rack
    rack-test (0.6.3)
      rack (>= 1.0)
    rack_csrf (2.7.0)
      rack (>= 1.1.0)
    rb-fsevent (0.11.2)
    rb-inotify (0.10.1)
      ffi (~> 1.0)
    ripl (0.7.1)
      bond (~> 0.5.1)
    ripl-multi_line (0.3.1)
      ripl (>= 0.3.6)
    ripl-rack (0.2.1)
      rack (>= 1.0)
      rack-test (~> 0.6.2)
      ripl (>= 0.7.0)
    ruby2_keywords (0.0.5)
    sass (3.7.4)
      sass-listen (~> 4.0.0)
    sass-listen (4.0.0)
      rb-fsevent (~> 0.9, >= 0.9.4)
      rb-inotify (~> 0.9, >= 0.9.7)
    sassc (2.4.0)
      ffi (~> 1.9)
    sequel (5.79.0)
      bigdecimal
    sequel-json (0.0.1)
      sequel
      yajl-ruby
    sequel-paginate (0.1.1)
    sequel_pg (1.17.1)
      pg (>= 0.18.0, != 1.2.0)
      sequel (>= 4.38.0)
    sinatra (2.2.4)
      mustermann (~> 2.0)
      rack (~> 2.2)
      rack-protection (= 2.2.4)
      tilt (~> 2.0)
    sinatra-contrib (2.2.4)
      multi_json
      mustermann (~> 2.0)
      rack-protection (= 2.2.4)
      sinatra (= 2.2.4)
      tilt (~> 2.0)
    sinatra-cross_origin (0.4.0)
    sinatra-param (1.6.0)
      sinatra (>= 1.3)
    sprockets (4.2.1)
      concurrent-ruby (~> 1.0)
      rack (>= 2.2.4, < 4)
    tilt (2.3.0)
    tqdm (0.4.1)
    tux (0.3.0)
      ripl (>= 0.3.5)
      ripl-multi_line (>= 0.2.4)
      ripl-rack (>= 0.2.0)
      sinatra (>= 1.2.1)
    uglifier (4.2.0)
      execjs (>= 0.3.0, < 3)
    uri (0.13.0)
    will_paginate (4.0.0)
    yajl-ruby (1.4.3)

PLATFORMS
  ruby
  x86_64-linux

DEPENDENCIES
  encrypted_cookie (= 0.1.0)
  faraday
  puma (~> 5.6)
  rack_csrf (~> 2.7)
  sass (~> 3.7)
  sassc (~> 2.4)
  sequel (>= 5)
  sequel-json (~> 0.0.1)
  sequel-paginate (~> 0.1.1)
  sequel_pg (>= 1.17)
  sinatra (~> 2.2)
  sinatra-contrib (~> 2.2)
  sinatra-cross_origin
  sinatra-param
  sprockets (~> 4.0)
  tqdm
  tux (~> 0.3)
  uglifier (~> 4.2)
  will_paginate (~> 4.0)

BUNDLED WITH
   2.5.7
